GIT
  remote: git://github.com/postrank-labs/goliath.git
  revision: 4486f23e9ee599dde9cbd5ae0dd434e312c5300f
  specs:
    goliath (0.9.2)
      async-rack
      em-synchrony (>= 1.0.0)
      eventmachine (>= 1.0.0.beta.3)
      http_parser.rb
      http_router (~> 0.9.0)
      log4r
      multi_json
      rack (>= 1.2.2)
      rack-contrib
      rack-respond_to

GEM
  remote: http://rubygems.org/
  specs:
    addressable (2.2.6)
    async-rack (0.5.1)
      rack (~> 1.1)
    em-synchrony (1.0.0)
      eventmachine (>= 1.0.0.beta.1)
    engineyard (1.3.29)
      engineyard-serverside-adapter (= 1.4.11)
      escape (~> 0.0.4)
      highline (~> 1.6.1)
      json_pure
      launchy (= 2.0.5)
      net-ssh (~> 2.1.0)
      rest-client (~> 1.6.0)
      thor (~> 0.14.6)
    engineyard-serverside-adapter (1.4.11)
      escape (~> 0.0.4)
      json_pure
    escape (0.0.4)
    eventmachine (1.0.0.beta.4)
    highline (1.6.2)
    http_parser.rb (0.5.2)
    http_router (0.9.7)
      rack (>= 1.0.0)
      url_mount (~> 0.2.1)
    json_pure (1.6.0)
    launchy (2.0.5)
      addressable (~> 2.2.6)
    log4r (1.1.9)
    mime-types (1.16)
    multi_json (1.0.3)
    net-ssh (2.1.4)
    rack (1.3.3)
    rack-accept-media-types (0.9)
    rack-contrib (1.1.0)
      rack (>= 0.9.1)
    rack-respond_to (0.9.8)
      rack-accept-media-types (>= 0.6)
    rest-client (1.6.7)
      mime-types (>= 1.16)
    thor (0.14.6)
    url_mount (0.2.1)
      rack

PLATFORMS
  ruby

DEPENDENCIES
  engineyard
  goliath!
